GEM
  remote: https://rubygems.org/
  specs:
    faraday (0.10.1)
      multipart-post (>= 1.2, < 3)
    httparty (0.13.7)
      json (~> 1.8)
      multi_xml (>= 0.5.2)
    json (1.8.6)
    jwt (1.5.6)
    multi_json (1.12.1)
    multi_xml (0.6.0)
    multipart-post (2.0.0)
    oauth2 (1.3.0)
      faraday (>= 0.8, < 0.11)
      jwt (~> 1.0)
      multi_json (~> 1.3)
      multi_xml (~> 0.5)
      rack (>= 1.2, < 3)
    process_helper (0.0.3)
    rack (2.0.1)
    unsplash (1.4.1)
      httparty (~> 0.13.5)
      oauth2 (~> 1)

PLATFORMS
  ruby

DEPENDENCIES
  process_helper
  unsplash

RUBY VERSION
   ruby 2.3.3p222

BUNDLED WITH
   1.14.3
